GEM
  remote: http://rubygems.org/
  specs:
    ZenTest (4.7.0)
    diff-lcs (1.1.3)
    httparty (0.8.0)
      multi_json
      multi_xml
    multi_json (1.1.0)
    multi_xml (0.4.0)
    rake (0.9.2.2)
    rspec (2.9.0)
      rspec-core (~> 2.9.0)
      rspec-expectations (~> 2.9.0)
      rspec-mocks (~> 2.9.0)
    rspec-core (2.9.0)
    rspec-expectations (2.9.1)
      diff-lcs (~> 1.1.3)
    rspec-mocks (2.9.0)

PLATFORMS
  ruby

DEPENDENCIES
  ZenTest
  bundler
  diff-lcs
  httparty
  rake
  rspec
